GEM
  remote: https://rubygems.org/
  specs:
    childprocess (3.0.0)
    ffi (1.12.2-x64-mingw32)
    regexp_parser (1.7.0)
    rubyzip (2.3.0)
    selenium-webdriver (3.142.7)
      childprocess (>= 0.5, < 4.0)
      rubyzip (>= 1.2.2)
    watir (6.16.5)
      regexp_parser (~> 1.2)
      selenium-webdriver (~> 3.6)

PLATFORMS
  x64-mingw32

DEPENDENCIES
  ffi
  watir

RUBY VERSION
   ruby 2.6.5p114

BUNDLED WITH
   1.17.2
