GEM
  remote: https://rubygems.org/
  specs:
    ffi (1.15.5)
    ffi (1.15.5-x64-mingw32)
    regexp_parser (2.6.2)
    rexml (3.2.5)
    rotp (6.3.0)
    rubyzip (2.3.2)
    selenium-webdriver (4.7.1)
      rexml (~> 3.2, >= 3.2.5)
      rubyzip (>= 1.2.2, < 3.0)
      websocket (~> 1.0)
    watir (7.2.2)
      regexp_parser (>= 1.2, < 3)
      selenium-webdriver (~> 4.2)
    websocket (1.2.9)

PLATFORMS
  x64-mingw32
  x86_64-linux

DEPENDENCIES
  ffi
  rotp
  watir

BUNDLED WITH
   2.2.33
