GEM
  remote: https://rubygems.org/
  specs:
    base64 (0.2.0)
    ffi (1.17.2)
    logger (1.7.0)
    regexp_parser (2.10.0)
    rexml (3.4.1)
    rotp (6.3.0)
    rubyzip (2.4.1)
    selenium-webdriver (4.31.0)
      base64 (~> 0.2)
      logger (~> 1.4)
      rexml (~> 3.2, >= 3.2.5)
      rubyzip (>= 1.2.2, < 3.0)
      websocket (~> 1.0)
    watir (7.3.0)
      regexp_parser (>= 1.2, < 3)
      selenium-webdriver (~> 4.2)
    websocket (1.2.11)

PLATFORMS
  x64-mingw-ucrt
  x64-mingw32

DEPENDENCIES
  ffi
  rotp
  watir

BUNDLED WITH
   2.2.33
